GEM
  remote: https://rubygems.org/
  specs:
    ruby-terminfo (0.1.1)
    ruby-termios (1.0.2)

PLATFORMS
  ruby

DEPENDENCIES
  ruby-terminfo (= 0.1.1)
  ruby-termios (= 1.0.2)

BUNDLED WITH
   1.16.6
